GEM
  remote: https://rubygems.org/
  specs:
    chipmunk (6.1.3.4)
    gosu (0.10.5)

PLATFORMS
  ruby

DEPENDENCIES
  chipmunk (~> 6.1.3.4)
  gosu (~> 0.10.4)

BUNDLED WITH
   1.11.2
